PATH
  remote: .
  specs:
    rfd (0.6.8)
      curses (>= 1.0.0)
      rubyzip (>= 1.0.0)

GEM
  remote: https://rubygems.org/
  specs:
    curses (1.2.5)
    diff-lcs (1.3)
    rake (10.5.0)
    rspec (2.14.1)
      rspec-core (~> 2.14.0)
      rspec-expectations (~> 2.14.0)
      rspec-mocks (~> 2.14.0)
    rspec-core (2.14.8)
    rspec-expectations (2.14.5)
      diff-lcs (>= 1.1.3, < 2.0)
    rspec-mocks (2.14.6)
    rubyzip (1.2.2)

PLATFORMS
  ruby

DEPENDENCIES
  bundler (~> 1.3)
  rake (< 11.0)
  rfd!
  rspec (< 2.99)

BUNDLED WITH
   1.17.1
